PATH
  remote: .
  specs:
    khipu-api-client (2.7.1)
      json (~> 1.4, >= 1.4.6)
      typhoeus (~> 0.2, >= 0.2.1)

GEM
  remote: https://rubygems.org/
  specs:
    byebug (9.0.4)
    diff-lcs (1.2.5)
    ethon (0.9.0)
      ffi (>= 1.3.0)
    ffi (1.9.14)
    json (1.8.3)
    rspec (3.5.0)
      rspec-core (~> 3.5.0)
      rspec-expectations (~> 3.5.0)
      rspec-mocks (~> 3.5.0)
    rspec-core (3.5.1)
      rspec-support (~> 3.5.0)
    rspec-expectations (3.5.0)
      diff-lcs (>= 1.2.0, < 2.0)
      rspec-support (~> 3.5.0)
    rspec-mocks (3.5.0)
      diff-lcs (>= 1.2.0, < 2.0)
      rspec-support (~> 3.5.0)
    rspec-support (3.5.0)
    typhoeus (0.8.0)
      ethon (>= 0.8.0)

PLATFORMS
  ruby

DEPENDENCIES
  byebug
  khipu-api-client!
  rspec (~> 3.2, >= 3.2.0)

BUNDLED WITH
   1.11.2
